GEM
  remote: https://rubygems.org/
  specs:
    text (1.2.3)

PLATFORMS
  x86-mingw32

DEPENDENCIES
  text
